GEM
  remote: https://rubygems.org/
  specs:
    activemodel (4.0.1)
      activesupport (= 4.0.1)
      builder (~> 3.1.0)
    activerecord (4.0.1)
      activemodel (= 4.0.1)
      activerecord-deprecated_finders (~> 1.0.2)
      activesupport (= 4.0.1)
      arel (~> 4.0.0)
    activerecord-deprecated_finders (1.0.3)
    activesupport (4.0.1)
      i18n (~> 0.6, >= 0.6.4)
      minitest (~> 4.2)
      multi_json (~> 1.3)
      thread_safe (~> 0.1)
      tzinfo (~> 0.3.37)
    arel (4.0.1)
    atomic (1.1.14)
    builder (3.1.4)
    camping (2.1.532)
      mab (>= 0.0.3)
      rack (>= 1.0)
    i18n (0.6.5)
    kgio (2.8.1)
    mab (0.0.3)
    minitest (4.7.5)
    multi_json (1.8.2)
    pg (0.17.0-x86-mingw32)
    rack (1.5.2)
    raindrops (0.12.0)
    sqlite3 (1.3.8-x86-mingw32)
    thread_safe (0.1.3)
      atomic
    tzinfo (0.3.38)
    unicorn (4.7.0)
      kgio (~> 2.6)
      rack
      raindrops (~> 0.7)

PLATFORMS
  x86-mingw32

DEPENDENCIES
  activerecord
  camping
  pg
  sqlite3
  unicorn
